GEM
  remote: https://rubygems.org/
  specs:
    dotenv (2.5.0)
    line-bot-api (1.2.5)
    mustermann (1.0.3)
    rack (2.2.3)
    rack-protection (2.0.4)
      rack
    sinatra (2.0.4)
      mustermann (~> 1.0)
      rack (~> 2.0)
      rack-protection (= 2.0.4)
      tilt (~> 2.0)
    tilt (2.0.8)

PLATFORMS
  ruby

DEPENDENCIES
  dotenv
  line-bot-api
  sinatra

BUNDLED WITH
   2.1.4
